GEM
  specs:
    flickraw (0.9.7)
    heatmap (0.1.1)
    rake (10.1.0)

PLATFORMS
  ruby

DEPENDENCIES
  flickraw
  heatmap
  rake
