GEM
  specs:
    flickraw (0.9.7)
    heatmap (0.1.1)

PLATFORMS
  ruby

DEPENDENCIES
  flickraw
  heatmap
